PATH
  remote: .
  specs:
    nats-pure (2.4.0)
      concurrent-ruby (~> 1.0)

GEM
  remote: https://rubygems.org/
  specs:
    base32 (0.3.4)
    benchmark-ips (2.14.0)
    concurrent-ruby (1.3.4)
    diff-lcs (1.5.1)
    ed25519 (1.3.0)
    nkeys (0.1.0)
      base32 (~> 0.3)
      ed25519 (~> 1.2)
    rake (13.2.1)
    rspec (3.13.0)
      rspec-core (~> 3.13.0)
      rspec-expectations (~> 3.13.0)
      rspec-mocks (~> 3.13.0)
    rspec-core (3.13.1)
      rspec-support (~> 3.13.0)
    rspec-expectations (3.13.3)
      diff-lcs (>= 1.2.0, < 2.0)
      rspec-support (~> 3.13.0)
    rspec-mocks (3.13.1)
      diff-lcs (>= 1.2.0, < 2.0)
      rspec-support (~> 3.13.0)
    rspec-support (3.13.1)
    uri (0.13.1)
    websocket (1.2.11)

PLATFORMS
  aarch64-linux
  aarch64-linux-gnu
  aarch64-linux-musl
  arm-linux
  arm-linux-gnu
  arm-linux-musl
  arm64-darwin
  x86-linux
  x86-linux-gnu
  x86-linux-musl
  x86_64-darwin
  x86_64-linux
  x86_64-linux-gnu
  x86_64-linux-musl

DEPENDENCIES
  benchmark-ips
  nats-pure!
  nkeys
  rake
  rspec
  uri
  websocket

BUNDLED WITH
   2.5.18
